GEM
  remote: https://rubygems.org/
  specs:
    activemodel (5.0.2)
      activesupport (= 5.0.2)
    activerecord (5.0.2)
      activemodel (= 5.0.2)
      activesupport (= 5.0.2)
      arel (~> 7.0)
    activerecord-jdbc-adapter (1.3.22)
      activerecord (>= 2.2)
    activesupport (5.0.2)
      concurrent-ruby (~> 1.0, >= 1.0.2)
      i18n (~> 0.7)
      minitest (~> 5.1)
      tzinfo (~> 1.1)
    arel (7.1.4)
    concurrent-ruby (1.0.5-java)
    i18n (0.8.1)
    minitest (5.10.1)
    thread_safe (0.3.6-java)
    tzinfo (1.2.2)
      thread_safe (~> 0.1)

PLATFORMS
  java

DEPENDENCIES
  activerecord
  activerecord-jdbc-adapter (~> 1.3, >= 1.3.22)

RUBY VERSION
   ruby 2.3.1p0 (jruby 9.1.8.0)

BUNDLED WITH
   1.14.6
